GEM
  remote: https://rubygems.org/
  specs:
    backports (3.6.8)
    erubis (2.7.0)
    minitest (5.10.1)
    multi_json (1.12.1)
    rack (1.6.5)
    rack-protection (1.5.3)
      rack
    rack-test (0.6.3)
      rack (>= 1.0)
    redcarpet (3.4.0)
    sinatra (1.4.8)
      rack (~> 1.5)
      rack-protection (~> 1.4)
      tilt (>= 1.3, < 3)
    sinatra-contrib (1.4.7)
      backports (>= 2.0)
      multi_json
      rack-protection
      rack-test
      sinatra (~> 1.4.0)
      tilt (>= 1.3, < 3)
    tilt (2.0.6)

PLATFORMS
  ruby

DEPENDENCIES
  erubis (~> 2.7)
  minitest (~> 5.8, >= 5.8.4)
  redcarpet (~> 3.4)
  sinatra (~> 1.4, >= 1.4.8)
  sinatra-contrib (~> 1.4, >= 1.4.7)

RUBY VERSION
   ruby 2.4.0p0

BUNDLED WITH
   1.14.4
