GEM
  remote: https://rubygems.org/
  specs:
    pg (0.19.0)

PLATFORMS
  ruby

DEPENDENCIES
  pg (~> 0.19.0)

BUNDLED WITH
   1.14.4
